GEM
  remote: https://rubygems.org/
  specs:
    concurrent-ruby (1.1.8)
    gserver (0.0.1)
    i18n (1.8.10)
      concurrent-ruby (~> 1.0)
    mail (2.5.3)
      i18n (>= 0.4.0)
      mime-types (~> 1.16)
      treetop (~> 1.4.8)
    mime-types (1.25.1)
    polyglot (0.3.5)
    rumbster (1.1.1)
      mail (= 2.5.3)
    treetop (1.4.15)
      polyglot
      polyglot (>= 0.3.1)
    zeitwerk (2.4.2)

PLATFORMS
  ruby

DEPENDENCIES
  gserver
  mail
  rumbster
  zeitwerk

BUNDLED WITH
   2.1.4
